RESTRICTION: == netstandard2.1
NUGET
  remote: https://api.nuget.org/v3/index.json
    Be.Vlaanderen.Basisregisters.Build.Pipeline (7.0.4)
    Ductus.FluentDocker (2.10.59)
      Newtonsoft.Json (>= 13.0.1)
      SharpCompress (>= 0.29)
    Newtonsoft.Json (13.0.3)
    SharpCompress (0.36)
      System.Text.Encoding.CodePages (>= 8.0)
      ZstdSharp.Port (>= 0.7.4)
    SourceLink.Copy.PdbFiles (2.8.3) - copy_local: true
    SourceLink.Embed.AllSourceFiles (2.8.3) - copy_local: true
    System.Buffers (4.5.1)
    System.Memory (4.5.5)
      System.Buffers (>= 4.5.1)
      System.Numerics.Vectors (>= 4.4)
      System.Runtime.CompilerServices.Unsafe (>= 4.5.3)
    System.Numerics.Vectors (4.5)
    System.Runtime.CompilerServices.Unsafe (6.0)
    System.Text.Encoding.CodePages (8.0)
      System.Memory (>= 4.5.5)
      System.Runtime.CompilerServices.Unsafe (>= 6.0)
    ZstdSharp.Port (0.7.5)
      System.Runtime.CompilerServices.Unsafe (>= 6.0)
